NUGET
  remote: https://nuget.org/api/v2
  specs:
    Common.Logging (3.3.0)
      Common.Logging.Core (>= 3.3.0)
    Common.Logging.Core (3.3.0)
    Common.Logging.NLog40 (3.3.0)
      Common.Logging (>= 3.3.0)
      NLog (>= 4.0.0)
    Common.Logging.Portable (3.3.0)
      Common.Logging.Core (>= 3.3.0)
    NLog (4.1.2)

GROUP Fake
NUGET
  remote: https://nuget.org/api/v2
  specs:
    FAKE (4.5.3)
    Microsoft.Bcl (1.1.10)
      Microsoft.Bcl.Build (>= 1.0.14)
    Microsoft.Bcl.Build (1.0.21) - import_targets: false
    Microsoft.Net.Http (2.2.29)
      Microsoft.Bcl (>= 1.1.10)
      Microsoft.Bcl.Build (>= 1.0.14)
    NUnit.Runners (2.6.4)
    Octokit (0.16.0)
      Microsoft.Net.Http
    SourceLink.Fake (1.1.0)
GITHUB
  remote: fsharp/FAKE
  specs:
    modules/Octokit/Octokit.fsx (7543f29800c1245a04f96b5f1be063b0568fd5d6)
      Octokit
GROUP Tests
NUGET
  remote: https://nuget.org/api/v2
  specs:
    NFluent (1.3.1)
    NUnit (2.6.4)
