NUGET
  remote: https://www.nuget.org/api/v2
  specs:
    Common.Logging (3.3.0)
      Common.Logging.Core (>= 3.3.0)
    Common.Logging.Core (3.3.0)
    Common.Logging.NLog40 (3.3.0)
      Common.Logging (>= 3.3.0)
      NLog (>= 4.0.0)
    Common.Logging.Portable (3.3.0)
      Common.Logging.Core (>= 3.3.0)
    Microsoft.Bcl (1.1.10)
      Microsoft.Bcl.Build (>= 1.0.14)
    Microsoft.Bcl.Async (1.0.168)
      Microsoft.Bcl (>= 1.1.8)
    Microsoft.Bcl.Build (1.0.21) - import_targets: false
    Newtonsoft.Json (7.0.1)
    NLog (4.2.0)
    NodaTime (1.3.1)
    PInvoke.Hid (0.1.122-beta)
      PInvoke.Kernel32 (>= 0.1.122-beta) - framework: >= net40, portable-net40+win+wpa81+monoandroid10+xamarinios10+monotouch10
      PInvoke.Windows.Core (>= 0.1.122-beta) - framework: >= net40, portable-net40+win+wpa81+monoandroid10+xamarinios10+monotouch10
    PInvoke.Kernel32 (0.1.122-beta) - framework: portable-net40+win+wpa81+monoandroid10+xamarinios10+monotouch10, >= net40
      PInvoke.Windows.Core (>= 0.1.122-beta) - framework: >= net40, portable-net40+win+wpa81+monoandroid10+xamarinios10+monotouch10
    PInvoke.SetupApi (0.1.122-beta)
      PInvoke.Kernel32 (>= 0.1.122-beta) - framework: >= net40
      PInvoke.Windows.Core (>= 0.1.122-beta) - framework: >= net40
    PInvoke.Windows.Core (0.1.122-beta) - framework: >= net40
    Portable.BouncyCastle (1.7.0.2)

GROUP Fake
NUGET
  remote: https://www.nuget.org/api/v2
  specs:
    FAKE (4.8.0)
    Microsoft.Bcl (1.1.10)
      Microsoft.Bcl.Build (>= 1.0.14)
    Microsoft.Bcl.Build (1.0.21) - import_targets: false
    Microsoft.Net.Http (2.2.29)
      Microsoft.Bcl (>= 1.1.10)
      Microsoft.Bcl.Build (>= 1.0.14)
    NUnit.Runners (2.6.4)
    Octokit (0.16.0)
      Microsoft.Net.Http
    SourceLink.Fake (1.1.0)
GITHUB
  remote: fsharp/FAKE
  specs:
    modules/Octokit/Octokit.fsx (545fb5d2cc7901bcbfd8f7f1a53da8f7f169deda)
      Octokit
GROUP Tests
NUGET
  remote: https://www.nuget.org/api/v2
  specs:
    Moq (4.2.1510.2205)
    NFluent (1.3.1)
    NUnit (2.6.4)
